GEM
  remote: https://rubygems.org/
  specs:
    activesupport (6.0.6)
      concurrent-ruby (~> 1.0, >= 1.0.2)
      i18n (>= 0.7, < 2)
      minitest (~> 5.1)
      tzinfo (~> 1.1)
      zeitwerk (~> 2.2, >= 2.2.2)
    concurrent-ruby (1.1.10)
    faraday (0.17.5)
      multipart-post (>= 1.2, < 3)
    faraday_middleware (0.13.1)
      faraday (>= 0.7.4, < 1.0)
    httpclient (2.8.3)
    i18n (1.12.0)
      concurrent-ruby (~> 1.0)
    locomotivecms_coal (1.7.0)
      activesupport (>= 5.1.5, < 6.1)
      faraday (~> 0.17)
      faraday_middleware (~> 0.13.1)
      httpclient (~> 2.8.3)
      mime-types (~> 3.3.0)
    mime-types (3.3.1)
      mime-types-data (~> 3.2015)
    mime-types-data (3.2022.0105)
    minitest (5.16.3)
    multipart-post (2.2.3)
    rake (13.0.6)
    thread_safe (0.3.6)
    tzinfo (1.2.10)
      thread_safe (~> 0.1)
    zeitwerk (2.6.0)

PLATFORMS
  x86_64-darwin-21

DEPENDENCIES
  locomotivecms_coal (~> 1.7.0)
  rake (~> 13.0)

RUBY VERSION
   ruby 2.7.5p203

BUNDLED WITH
   2.3.21
